GEM
  remote: http://rubygems.org/
  specs:
    activesupport (3.2.12)
      i18n (~> 0.6)
      multi_json (~> 1.0)
    chunky_png (1.2.7)
    compass (0.12.2)
      chunky_png (~> 1.2)
      fssm (>= 0.2.7)
      sass (~> 3.1)
    fssm (0.2.10)
    haml (4.0.0)
      tilt
    i18n (0.6.4)
    maruku (0.6.1)
      syntax (>= 1.0.0)
    multi_json (1.6.1)
    rack (1.5.2)
    rack-test (0.6.2)
      rack (>= 1.0)
    sass (3.2.7)
    serve (1.5.1)
      activesupport (~> 3.0)
      i18n
      rack (~> 1.2)
      rack-test (~> 0.5)
      tilt (~> 1.3)
      tzinfo
    syntax (1.0.0)
    tilt (1.3.5)
    tzinfo (0.3.36)

PLATFORMS
  ruby

DEPENDENCIES
  compass
  haml
  maruku
  serve (= 1.5.1)
